RESTRICTION: || (== net45) (== net452) (== net472) (== netcoreapp3.1)
NUGET
  remote: https://www.nuget.org/api/v2
    AvalonEdit (6.0.1)
    ControlzEx (4.3) - restriction: || (&& (== net45) (>= net452)) (&& (== net45) (>= netcoreapp3.0)) (== net452) (== net472) (== netcoreapp3.1)
      Microsoft.Xaml.Behaviors.Wpf (>= 1.1.19)
      System.Text.Json (>= 4.7.2) - restriction: || (&& (== net45) (>= netcoreapp3.0)) (&& (== net452) (>= netcoreapp3.0)) (&& (== net472) (>= netcoreapp3.0)) (== netcoreapp3.1)
    Dragablz (0.0.3.203)
    MahApps.Metro (2.0.1)
      ControlzEx (>= 4.3) - restriction: || (&& (== net45) (>= net452)) (&& (== net45) (>= netcoreapp3.0)) (== net452) (== net472) (== netcoreapp3.1)
    Microsoft.CodeCoverage (16.6.1)
    Microsoft.CSharp (4.6)
    Microsoft.NET.Test.Sdk (16.6.1)
      Microsoft.CodeCoverage (>= 16.6.1)
      Microsoft.TestPlatform.TestHost (>= 16.6.1) - restriction: || (&& (== net45) (>= netcoreapp2.1)) (&& (== net452) (>= netcoreapp2.1)) (&& (== net472) (>= netcoreapp2.1)) (== netcoreapp3.1)
    Microsoft.NETCore.Platforms (3.1.1)
    Microsoft.NETCore.Targets (3.1) - restriction: || (&& (== net452) (< net45) (>= netstandard1.6)) (&& (== net472) (< net45)) (== netcoreapp3.1)
    Microsoft.TestPlatform.ObjectModel (16.6.1) - restriction: || (&& (== net45) (>= netcoreapp2.1)) (&& (== net452) (>= netcoreapp2.1)) (&& (== net472) (>= netcoreapp2.1)) (== netcoreapp3.1)
      NuGet.Frameworks (>= 5.0) - restriction: || (&& (== net45) (>= net451)) (&& (== net45) (>= netstandard2.0)) (== net452) (== net472) (== netcoreapp3.1)
    Microsoft.TestPlatform.TestHost (16.6.1) - restriction: || (&& (== net45) (>= netcoreapp2.1)) (&& (== net452) (>= netcoreapp2.1)) (&& (== net472) (>= netcoreapp2.1)) (== netcoreapp3.1)
      Microsoft.TestPlatform.ObjectModel (>= 16.6.1) - restriction: || (&& (== net45) (>= netcoreapp2.1)) (&& (== net45) (>= uap10.0)) (&& (== net452) (>= netcoreapp2.1)) (&& (== net452) (>= uap10.0)) (&& (== net472) (>= netcoreapp2.1)) (&& (== net472) (>= uap10.0)) (== netcoreapp3.1)
      Newtonsoft.Json (>= 9.0.1) - restriction: || (&& (== net45) (>= netcoreapp2.1)) (&& (== net45) (>= uap10.0)) (&& (== net452) (>= netcoreapp2.1)) (&& (== net452) (>= uap10.0)) (&& (== net472) (>= netcoreapp2.1)) (&& (== net472) (>= uap10.0)) (== netcoreapp3.1)
    Microsoft.Xaml.Behaviors.Wpf (1.1.19) - restriction: || (&& (== net45) (>= net452)) (&& (== net45) (>= netcoreapp3.0)) (== net452) (== net472) (== netcoreapp3.1)
    NETStandard.Library (2.0.3) - restriction: || (== net45) (&& (== net472) (< net452)) (== netcoreapp3.1)
      Microsoft.NETCore.Platforms (>= 1.1)
      System.Runtime.InteropServices.RuntimeInformation (>= 4.3) - restriction: || (== net45) (== net452) (&& (== net472) (< net45) (< netstandard1.2)) (&& (== net472) (< net45) (< netstandard1.5)) (&& (== net472) (< net45) (< netstandard1.6)) (&& (== net472) (< net45) (< netstandard2.0)) (&& (== net472) (< netstandard1.0)) (&& (== net472) (< netstandard1.3)) (&& (== net472) (< netstandard1.4)) (&& (== net472) (< netstandard1.5) (>= uap10.0)) (&& (== netcoreapp3.1) (< netstandard1.0)) (&& (== netcoreapp3.1) (< netstandard1.2)) (&& (== netcoreapp3.1) (< netstandard1.3)) (&& (== netcoreapp3.1) (< netstandard1.4)) (&& (== netcoreapp3.1) (< netstandard1.5)) (&& (== netcoreapp3.1) (< netstandard1.6)) (&& (== netcoreapp3.1) (< netstandard2.0))
    Newtonsoft.Json (12.0.3) - restriction: || (&& (== net45) (>= netcoreapp2.1)) (&& (== net452) (>= netcoreapp2.1)) (&& (== net472) (>= netcoreapp2.1)) (== netcoreapp3.1)
    NuGet.CommandLine (5.5.1)
    NuGet.Frameworks (5.6) - restriction: || (&& (== net45) (>= netcoreapp2.1)) (&& (== net452) (>= netcoreapp2.1)) (&& (== net472) (>= netcoreapp2.1)) (== netcoreapp3.1)
    runtime.debian.8-x64.runtime.native.System.Security.Cryptography.OpenSsl (4.3.3) - restriction: || (&& (== net452) (< net45) (>= netstandard1.6)) (&& (== net472) (< net45)) (== netcoreapp3.1)
    runtime.debian.9-x64.runtime.native.System.Security.Cryptography.OpenSsl (4.3.3) - restriction: || (&& (== net452) (< net45) (>= netstandard1.6)) (&& (== net472) (< net45)) (== netcoreapp3.1)
    runtime.fedora.23-x64.runtime.native.System.Security.Cryptography.OpenSsl (4.3.3) - restriction: || (&& (== net452) (< net45) (>= netstandard1.6)) (&& (== net472) (< net45)) (== netcoreapp3.1)
    runtime.fedora.24-x64.runtime.native.System.Security.Cryptography.OpenSsl (4.3.3) - restriction: || (&& (== net452) (< net45) (>= netstandard1.6)) (&& (== net472) (< net45)) (== netcoreapp3.1)
    runtime.fedora.27-x64.runtime.native.System.Security.Cryptography.OpenSsl (4.3.3) - restriction: || (&& (== net452) (< net45) (>= netstandard1.6)) (&& (== net472) (< net45)) (== netcoreapp3.1)
    runtime.fedora.28-x64.runtime.native.System.Security.Cryptography.OpenSsl (4.3.3) - restriction: || (&& (== net452) (< net45) (>= netstandard1.6)) (&& (== net472) (< net45)) (== netcoreapp3.1)
    runtime.native.System (4.3.1) - restriction: || (&& (== net452) (< net45) (>= netstandard1.6)) (&& (== net472) (< net45)) (== netcoreapp3.1)
      Microsoft.NETCore.Platforms (>= 1.1.1)
      Microsoft.NETCore.Targets (>= 1.1.3)
    runtime.native.System.Net.Http (4.3.1) - restriction: || (&& (== net452) (< net45) (>= netstandard1.6)) (&& (== net472) (< net45)) (== netcoreapp3.1)
      Microsoft.NETCore.Platforms (>= 1.1.1)
      Microsoft.NETCore.Targets (>= 1.1.3)
    runtime.native.System.Security.Cryptography.Apple (4.3.1) - restriction: || (&& (== net452) (< net45) (>= netstandard1.6)) (&& (== net472) (< net45)) (== netcoreapp3.1)
      runtime.osx.10.10-x64.runtime.native.System.Security.Cryptography.Apple (>= 4.3.1)
    runtime.native.System.Security.Cryptography.OpenSsl (4.3.3) - restriction: || (&& (== net452) (< net45) (>= netstandard1.6)) (&& (== net472) (< net45)) (== netcoreapp3.1)
      runtime.debian.8-x64.runtime.native.System.Security.Cryptography.OpenSsl (>= 4.3.3)
      runtime.debian.9-x64.runtime.native.System.Security.Cryptography.OpenSsl (>= 4.3.3)
      runtime.fedora.23-x64.runtime.native.System.Security.Cryptography.OpenSsl (>= 4.3.3)
      runtime.fedora.24-x64.runtime.native.System.Security.Cryptography.OpenSsl (>= 4.3.3)
      runtime.fedora.27-x64.runtime.native.System.Security.Cryptography.OpenSsl (>= 4.3.3)
      runtime.fedora.28-x64.runtime.native.System.Security.Cryptography.OpenSsl (>= 4.3.3)
      runtime.opensuse.13.2-x64.runtime.native.System.Security.Cryptography.OpenSsl (>= 4.3.3)
      runtime.opensuse.42.1-x64.runtime.native.System.Security.Cryptography.OpenSsl (>= 4.3.3)
      runtime.opensuse.42.3-x64.runtime.native.System.Security.Cryptography.OpenSsl (>= 4.3.3)
      runtime.osx.10.10-x64.runtime.native.System.Security.Cryptography.OpenSsl (>= 4.3.3)
      runtime.rhel.7-x64.runtime.native.System.Security.Cryptography.OpenSsl (>= 4.3.3)
      runtime.ubuntu.14.04-x64.runtime.native.System.Security.Cryptography.OpenSsl (>= 4.3.3)
      runtime.ubuntu.16.04-x64.runtime.native.System.Security.Cryptography.OpenSsl (>= 4.3.3)
      runtime.ubuntu.16.10-x64.runtime.native.System.Security.Cryptography.OpenSsl (>= 4.3.3)
      runtime.ubuntu.18.04-x64.runtime.native.System.Security.Cryptography.OpenSsl (>= 4.3.3)
    runtime.opensuse.13.2-x64.runtime.native.System.Security.Cryptography.OpenSsl (4.3.3) - restriction: || (&& (== net452) (< net45) (>= netstandard1.6)) (&& (== net472) (< net45)) (== netcoreapp3.1)
    runtime.opensuse.42.1-x64.runtime.native.System.Security.Cryptography.OpenSsl (4.3.3) - restriction: || (&& (== net452) (< net45) (>= netstandard1.6)) (&& (== net472) (< net45)) (== netcoreapp3.1)
    runtime.opensuse.42.3-x64.runtime.native.System.Security.Cryptography.OpenSsl (4.3.3) - restriction: || (&& (== net452) (< net45) (>= netstandard1.6)) (&& (== net472) (< net45)) (== netcoreapp3.1)
    runtime.osx.10.10-x64.runtime.native.System.Security.Cryptography.Apple (4.3.1) - restriction: || (&& (== net452) (< net45) (>= netstandard1.6)) (&& (== net472) (< net45)) (== netcoreapp3.1)
    runtime.osx.10.10-x64.runtime.native.System.Security.Cryptography.OpenSsl (4.3.3) - restriction: || (&& (== net452) (< net45) (>= netstandard1.6)) (&& (== net472) (< net45)) (== netcoreapp3.1)
    runtime.rhel.7-x64.runtime.native.System.Security.Cryptography.OpenSsl (4.3.3) - restriction: || (&& (== net452) (< net45) (>= netstandard1.6)) (&& (== net472) (< net45)) (== netcoreapp3.1)
    runtime.ubuntu.14.04-x64.runtime.native.System.Security.Cryptography.OpenSsl (4.3.3) - restriction: || (&& (== net452) (< net45) (>= netstandard1.6)) (&& (== net472) (< net45)) (== netcoreapp3.1)
    runtime.ubuntu.16.04-x64.runtime.native.System.Security.Cryptography.OpenSsl (4.3.3) - restriction: || (&& (== net452) (< net45) (>= netstandard1.6)) (&& (== net472) (< net45)) (== netcoreapp3.1)
    runtime.ubuntu.16.10-x64.runtime.native.System.Security.Cryptography.OpenSsl (4.3.3) - restriction: || (&& (== net452) (< net45) (>= netstandard1.6)) (&& (== net472) (< net45)) (== netcoreapp3.1)
    runtime.ubuntu.18.04-x64.runtime.native.System.Security.Cryptography.OpenSsl (4.3.3) - restriction: || (&& (== net452) (< net45) (>= netstandard1.6)) (&& (== net472) (< net45)) (== netcoreapp3.1)
    Shouldly (3.0.2)
      Microsoft.CSharp (>= 4.3) - restriction: || (&& (== net45) (< net40) (>= netstandard1.3)) (&& (== net45) (< net40) (>= netstandard2.0)) (&& (== net452) (< net40) (>= netstandard1.3)) (&& (== net452) (< net40) (>= netstandard2.0)) (&& (== net472) (< net40)) (== netcoreapp3.1)
      System.Dynamic.Runtime (>= 4.3) - restriction: || (&& (== net45) (< net40) (>= netstandard1.3)) (&& (== net45) (< net40) (>= netstandard2.0)) (&& (== net452) (< net40) (>= netstandard1.3)) (&& (== net452) (< net40) (>= netstandard2.0)) (&& (== net472) (< net40)) (== netcoreapp3.1)
      System.Reflection.TypeExtensions (>= 4.3) - restriction: || (&& (== net45) (< net40) (>= netstandard1.3)) (&& (== net45) (< net40) (>= netstandard2.0)) (&& (== net452) (< net40) (>= netstandard1.3)) (&& (== net452) (< net40) (>= netstandard2.0)) (&& (== net472) (< net40)) (== netcoreapp3.1)
    ShowMeTheXAML (1.1.0-ci73)
    ShowMeTheXAML.AvalonEdit (1.1.0-ci73)
      AvalonEdit (> 5.9.9 < 6.1)
      ShowMeTheXAML (>= 1.1.0-ci73 < 1.2.0-ci73.0)
    ShowMeTheXAML.MSBuild (1.1.0-ci73)
      ShowMeTheXAML (>= 1.1.0-ci73 < 1.2.0-ci73.0)
    System.Collections (4.3) - restriction: || (&& (== net452) (< net45) (>= netstandard1.3)) (&& (== net452) (< net45) (>= netstandard1.6)) (&& (== net472) (< net45)) (== netcoreapp3.1)
      Microsoft.NETCore.Platforms (>= 1.1) - restriction: || (&& (== net452) (< net45)) (&& (== net472) (< net45)) (== netcoreapp3.1)
      Microsoft.NETCore.Targets (>= 1.1) - restriction: || (&& (== net452) (< net45)) (&& (== net472) (< net45)) (== netcoreapp3.1)
      System.Runtime (>= 4.3) - restriction: || (&& (== net452) (< net45)) (&& (== net472) (< net45)) (== netcoreapp3.1)
    System.Collections.Concurrent (4.3) - restriction: || (&& (== net452) (< net45) (>= netstandard1.3)) (&& (== net452) (< net45) (>= netstandard1.6)) (&& (== net472) (< net45)) (== netcoreapp3.1)
      System.Collections (>= 4.3) - restriction: || (&& (== net452) (< net45) (>= netstandard1.3)) (&& (== net472) (< net45)) (== netcoreapp3.1)
      System.Diagnostics.Debug (>= 4.3) - restriction: || (&& (== net452) (< net45) (>= netstandard1.3)) (&& (== net472) (< net45)) (== netcoreapp3.1)
      System.Diagnostics.Tracing (>= 4.3) - restriction: || (&& (== net452) (< net45) (>= netstandard1.3)) (&& (== net472) (< net45)) (== netcoreapp3.1)
      System.Globalization (>= 4.3) - restriction: || (&& (== net452) (< net45) (>= netstandard1.3)) (&& (== net472) (< net45)) (== netcoreapp3.1)
      System.Reflection (>= 4.3) - restriction: || (&& (== net452) (< net45) (>= netstandard1.3)) (&& (== net472) (< net45)) (== netcoreapp3.1)
      System.Resources.ResourceManager (>= 4.3) - restriction: || (&& (== net452) (< net45) (>= netstandard1.3)) (&& (== net472) (< net45)) (== netcoreapp3.1)
      System.Runtime (>= 4.3) - restriction: || (&& (== net452) (< net45)) (&& (== net472) (< net45)) (== netcoreapp3.1)
      System.Runtime.Extensions (>= 4.3) - restriction: || (&& (== net452) (< net45) (>= netstandard1.3)) (&& (== net472) (< net45)) (== netcoreapp3.1)
      System.Threading (>= 4.3) - restriction: || (&& (== net452) (< net45) (>= netstandard1.3)) (&& (== net472) (< net45)) (== netcoreapp3.1)
      System.Threading.Tasks (>= 4.3) - restriction: || (&& (== net452) (< net45)) (&& (== net472) (< net45)) (== netcoreapp3.1)
    System.Diagnostics.Debug (4.3) - restriction: || (&& (== net452) (< net45) (>= netstandard1.3)) (&& (== net452) (< net45) (>= netstandard1.6)) (&& (== net472) (< net45)) (== netcoreapp3.1)
      Microsoft.NETCore.Platforms (>= 1.1) - restriction: || (&& (== net452) (< net45)) (&& (== net472) (< net45)) (== netcoreapp3.1)
      Microsoft.NETCore.Targets (>= 1.1) - restriction: || (&& (== net452) (< net45)) (&& (== net472) (< net45)) (== netcoreapp3.1)
      System.Runtime (>= 4.3) - restriction: || (&& (== net452) (< net45)) (&& (== net472) (< net45)) (== netcoreapp3.1)
    System.Diagnostics.DiagnosticSource (4.7.1) - restriction: || (&& (== net452) (< net45) (>= netstandard1.3)) (&& (== net452) (< net45) (>= netstandard1.6)) (&& (== net472) (< net45)) (== netcoreapp3.1)
    System.Diagnostics.Tracing (4.3) - restriction: || (&& (== net452) (< net45) (>= netstandard1.3)) (&& (== net452) (< net45) (>= netstandard1.6)) (&& (== net472) (< net45)) (== netcoreapp3.1)
      Microsoft.NETCore.Platforms (>= 1.1) - restriction: || (&& (== net452) (< net45)) (&& (== net472) (< net45)) (== netcoreapp3.1)
      Microsoft.NETCore.Targets (>= 1.1) - restriction: || (&& (== net452) (< net45)) (&& (== net472) (< net45)) (== netcoreapp3.1)
      System.Runtime (>= 4.3) - restriction: || (&& (== net452) (< net45)) (&& (== net472) (< net45)) (== netcoreapp3.1)
    System.Dynamic.Runtime (4.3) - restriction: || (&& (== net45) (< net40) (>= netstandard1.3)) (&& (== net45) (< net40) (>= netstandard2.0)) (&& (== net452) (< net40) (>= netstandard1.3)) (&& (== net452) (< net40) (>= netstandard2.0)) (&& (== net472) (< net40)) (== netcoreapp3.1)
      System.Collections (>= 4.3) - restriction: || (&& (== net452) (< net45) (>= netstandard1.3)) (&& (== net472) (< net45)) (== netcoreapp3.1)
      System.Diagnostics.Debug (>= 4.3) - restriction: || (&& (== net452) (< net45) (>= netstandard1.3)) (&& (== net472) (< net45)) (== netcoreapp3.1)
      System.Linq (>= 4.3) - restriction: || (&& (== net452) (< net45) (>= netstandard1.3)) (&& (== net472) (< net45)) (== netcoreapp3.1)
      System.Linq.Expressions (>= 4.3) - restriction: || (&& (== net452) (< net45)) (&& (== net472) (< net45)) (== netcoreapp3.1)
      System.ObjectModel (>= 4.3) - restriction: || (&& (== net452) (< net45)) (&& (== net472) (< net45)) (== netcoreapp3.1)
      System.Reflection (>= 4.3) - restriction: || (&& (== net452) (< net45)) (&& (== net472) (< net45)) (== netcoreapp3.1)
      System.Reflection.Emit (>= 4.3) - restriction: || (&& (== net452) (< net45) (>= netstandard1.3)) (&& (== net472) (< net45)) (== netcoreapp3.1)
      System.Reflection.Emit.ILGeneration (>= 4.3) - restriction: || (&& (== net452) (< net45) (>= netstandard1.3)) (&& (== net472) (< net45)) (== netcoreapp3.1)
      System.Reflection.Primitives (>= 4.3) - restriction: || (&& (== net452) (< net45) (>= netstandard1.3)) (&& (== net472) (< net45)) (== netcoreapp3.1)
      System.Reflection.TypeExtensions (>= 4.3) - restriction: || (&& (== net452) (< net45) (>= netstandard1.3)) (&& (== net472) (< net45)) (== netcoreapp3.1)
      System.Resources.ResourceManager (>= 4.3) - restriction: || (&& (== net452) (< net45) (>= netstandard1.3)) (&& (== net472) (< net45)) (== netcoreapp3.1)
      System.Runtime (>= 4.3) - restriction: || (&& (== net452) (< net45)) (&& (== net472) (< net45)) (== netcoreapp3.1)
      System.Runtime.Extensions (>= 4.3) - restriction: || (&& (== net452) (< net45) (>= netstandard1.3)) (&& (== net472) (< net45)) (== netcoreapp3.1)
      System.Threading (>= 4.3) - restriction: || (&& (== net452) (< net45) (>= netstandard1.3)) (&& (== net472) (< net45)) (== netcoreapp3.1)
    System.Globalization (4.3) - restriction: || (&& (== net452) (< net45) (>= netstandard1.3)) (&& (== net452) (< net45) (>= netstandard1.6)) (&& (== net472) (< net45)) (== netcoreapp3.1)
      Microsoft.NETCore.Platforms (>= 1.1) - restriction: || (&& (== net452) (< net45)) (&& (== net472) (< net45)) (== netcoreapp3.1)
      Microsoft.NETCore.Targets (>= 1.1) - restriction: || (&& (== net452) (< net45)) (&& (== net472) (< net45)) (== netcoreapp3.1)
      System.Runtime (>= 4.3) - restriction: || (&& (== net452) (< net45)) (&& (== net472) (< net45)) (== netcoreapp3.1)
    System.Globalization.Calendars (4.3) - restriction: || (&& (== net45) (== net472)) (&& (== net45) (>= net46) (>= netstandard1.6)) (&& (== net452) (== net472)) (&& (== net452) (< net45) (>= netstandard1.6)) (&& (== net452) (>= net46) (>= netstandard1.6)) (&& (== net472) (< net46)) (== netcoreapp3.1)
      Microsoft.NETCore.Platforms (>= 1.1) - restriction: || (&& (== net45) (>= netstandard1.3)) (&& (== net452) (>= netstandard1.3)) (&& (== net472) (< net46)) (== netcoreapp3.1)
      Microsoft.NETCore.Targets (>= 1.1) - restriction: || (&& (== net45) (>= netstandard1.3)) (&& (== net452) (>= netstandard1.3)) (&& (== net472) (< net46)) (== netcoreapp3.1)
      System.Globalization (>= 4.3) - restriction: || (&& (== net45) (>= netstandard1.3)) (&& (== net452) (>= netstandard1.3)) (&& (== net472) (< net46)) (== netcoreapp3.1)
      System.Runtime (>= 4.3) - restriction: || (&& (== net45) (>= netstandard1.3)) (&& (== net452) (>= netstandard1.3)) (&& (== net472) (< net46)) (== netcoreapp3.1)
    System.Globalization.Extensions (4.3) - restriction: || (&& (== net452) (< net45) (>= netstandard1.6)) (&& (== net472) (< net45)) (== netcoreapp3.1)
      Microsoft.NETCore.Platforms (>= 1.1) - restriction: || (&& (== net45) (>= netstandard1.3)) (&& (== net452) (>= netstandard1.3)) (&& (== net472) (< net46)) (== netcoreapp3.1)
      System.Globalization (>= 4.3) - restriction: || (&& (== net45) (>= netstandard1.3)) (&& (== net452) (>= netstandard1.3)) (&& (== net472) (< net46)) (== netcoreapp3.1)
      System.Resources.ResourceManager (>= 4.3) - restriction: || (&& (== net45) (>= netstandard1.3)) (&& (== net452) (>= netstandard1.3)) (&& (== net472) (< net46)) (== netcoreapp3.1)
      System.Runtime (>= 4.3) - restriction: || (&& (== net45) (>= netstandard1.3)) (&& (== net452) (>= netstandard1.3)) (&& (== net472) (< net46)) (== netcoreapp3.1)
      System.Runtime.Extensions (>= 4.3) - restriction: || (&& (== net45) (>= netstandard1.3)) (&& (== net452) (>= netstandard1.3)) (&& (== net472) (< net46)) (== netcoreapp3.1)
      System.Runtime.InteropServices (>= 4.3) - restriction: || (&& (== net45) (>= netstandard1.3)) (&& (== net452) (>= netstandard1.3)) (&& (== net472) (< net46)) (== netcoreapp3.1)
    System.IO (4.3) - restriction: || (&& (== net452) (< net45)) (&& (== net472) (< net45)) (== netcoreapp3.1)
      Microsoft.NETCore.Platforms (>= 1.1) - restriction: || (&& (== net452) (< net45)) (&& (== net472) (< net45)) (== netcoreapp3.1)
      Microsoft.NETCore.Targets (>= 1.1) - restriction: || (&& (== net452) (< net45)) (&& (== net472) (< net45)) (== netcoreapp3.1)
      System.Runtime (>= 4.3) - restriction: || (&& (== net452) (< net45)) (&& (== net472) (< net45)) (== netcoreapp3.1)
      System.Text.Encoding (>= 4.3) - restriction: || (&& (== net452) (< net45)) (&& (== net472) (< net45)) (== netcoreapp3.1)
      System.Threading.Tasks (>= 4.3) - restriction: || (&& (== net452) (< net45)) (&& (== net472) (< net45)) (== netcoreapp3.1)
    System.IO.FileSystem (4.3) - restriction: || (&& (== net452) (< net45) (>= netstandard1.6)) (&& (== net472) (< net45)) (== netcoreapp3.1)
      Microsoft.NETCore.Platforms (>= 1.1) - restriction: || (&& (== net45) (>= netstandard1.3)) (&& (== net452) (>= netstandard1.3)) (&& (== net472) (< net46)) (== netcoreapp3.1)
      Microsoft.NETCore.Targets (>= 1.1) - restriction: || (&& (== net45) (>= netstandard1.3)) (&& (== net452) (>= netstandard1.3)) (&& (== net472) (< net46)) (== netcoreapp3.1)
      System.IO (>= 4.3) - restriction: || (&& (== net45) (>= netstandard1.3)) (&& (== net452) (>= netstandard1.3)) (&& (== net472) (< net46)) (== netcoreapp3.1)
      System.IO.FileSystem.Primitives (>= 4.3) - restriction: || (&& (== net45) (>= net46)) (&& (== net45) (>= netstandard1.3)) (&& (== net452) (>= net46)) (&& (== net452) (>= netstandard1.3)) (== net472) (== netcoreapp3.1)
      System.Runtime (>= 4.3) - restriction: || (&& (== net45) (>= netstandard1.3)) (&& (== net452) (>= netstandard1.3)) (&& (== net472) (< net46)) (== netcoreapp3.1)
      System.Runtime.Handles (>= 4.3) - restriction: || (&& (== net45) (>= netstandard1.3)) (&& (== net452) (>= netstandard1.3)) (&& (== net472) (< net46)) (== netcoreapp3.1)
      System.Text.Encoding (>= 4.3) - restriction: || (&& (== net45) (>= netstandard1.3)) (&& (== net452) (>= netstandard1.3)) (&& (== net472) (< net46)) (== netcoreapp3.1)
      System.Threading.Tasks (>= 4.3) - restriction: || (&& (== net45) (>= netstandard1.3)) (&& (== net452) (>= netstandard1.3)) (&& (== net472) (< net46)) (== netcoreapp3.1)
    System.IO.FileSystem.Primitives (4.3) - restriction: || (&& (== net452) (< net45) (>= netstandard1.6)) (&& (== net472) (< net45)) (== netcoreapp3.1)
      System.Runtime (>= 4.3) - restriction: || (&& (== net45) (>= netstandard1.3)) (&& (== net452) (>= netstandard1.3)) (&& (== net472) (< net46)) (== netcoreapp3.1)
    System.Linq (4.3) - restriction: || (&& (== net45) (< net40) (>= netstandard1.3)) (&& (== net45) (< net40) (>= netstandard2.0)) (&& (== net452) (< net40) (>= netstandard1.3)) (&& (== net452) (< net40) (>= netstandard2.0)) (&& (== net472) (< net40)) (== netcoreapp3.1)
      System.Collections (>= 4.3) - restriction: || (&& (== net452) (< net45)) (&& (== net472) (< net45)) (== netcoreapp3.1)
      System.Diagnostics.Debug (>= 4.3) - restriction: || (&& (== net452) (< net45) (>= netstandard1.6)) (&& (== net472) (< net45)) (== netcoreapp3.1)
      System.Resources.ResourceManager (>= 4.3) - restriction: || (&& (== net452) (< net45) (>= netstandard1.6)) (&& (== net472) (< net45)) (== netcoreapp3.1)
      System.Runtime (>= 4.3) - restriction: || (&& (== net452) (< net45)) (&& (== net472) (< net45)) (== netcoreapp3.1)
      System.Runtime.Extensions (>= 4.3) - restriction: || (&& (== net452) (< net45) (>= netstandard1.6)) (&& (== net472) (< net45)) (== netcoreapp3.1)
    System.Linq.Expressions (4.3) - restriction: || (&& (== net45) (< net40) (>= netstandard1.3)) (&& (== net45) (< net40) (>= netstandard2.0)) (&& (== net452) (< net40) (>= netstandard1.3)) (&& (== net452) (< net40) (>= netstandard2.0)) (&& (== net472) (< net40)) (== netcoreapp3.1)
      System.Collections (>= 4.3) - restriction: || (&& (== net452) (< net45) (>= netstandard1.6)) (&& (== net472) (< net45)) (== netcoreapp3.1)
      System.Diagnostics.Debug (>= 4.3) - restriction: || (&& (== net452) (< net45) (>= netstandard1.6)) (&& (== net472) (< net45)) (== netcoreapp3.1)
      System.Globalization (>= 4.3) - restriction: || (&& (== net452) (< net45) (>= netstandard1.6)) (&& (== net472) (< net45)) (== netcoreapp3.1)
      System.IO (>= 4.3) - restriction: || (&& (== net452) (< net45) (>= netstandard1.6)) (&& (== net472) (< net45)) (== netcoreapp3.1)
      System.Linq (>= 4.3) - restriction: || (&& (== net452) (< net45) (>= netstandard1.6)) (&& (== net472) (< net45)) (== netcoreapp3.1)
      System.ObjectModel (>= 4.3) - restriction: || (&& (== net452) (< net45) (>= netstandard1.6)) (&& (== net472) (< net45)) (== netcoreapp3.1)
      System.Reflection (>= 4.3) - restriction: || (&& (== net452) (< net45)) (&& (== net472) (< net45)) (== netcoreapp3.1)
      System.Reflection.Emit (>= 4.3) - restriction: || (&& (== net452) (< net45) (>= netstandard1.6)) (&& (== net472) (< net45)) (== netcoreapp3.1)
      System.Reflection.Emit.ILGeneration (>= 4.3) - restriction: || (&& (== net452) (< net45) (>= netstandard1.6)) (&& (== net472) (< net45)) (== netcoreapp3.1)
      System.Reflection.Emit.Lightweight (>= 4.3) - restriction: || (&& (== net452) (< net45) (>= netstandard1.6)) (&& (== net472) (< net45)) (== netcoreapp3.1)
      System.Reflection.Extensions (>= 4.3) - restriction: || (&& (== net452) (< net45) (>= netstandard1.6)) (&& (== net472) (< net45)) (== netcoreapp3.1)
      System.Reflection.Primitives (>= 4.3) - restriction: || (&& (== net452) (< net45) (>= netstandard1.6)) (&& (== net472) (< net45)) (== netcoreapp3.1)
      System.Reflection.TypeExtensions (>= 4.3) - restriction: || (&& (== net452) (< net45) (>= netstandard1.6)) (&& (== net472) (< net45)) (== netcoreapp3.1)
      System.Resources.ResourceManager (>= 4.3) - restriction: || (&& (== net452) (< net45) (>= netstandard1.6)) (&& (== net472) (< net45)) (== netcoreapp3.1)
      System.Runtime (>= 4.3) - restriction: || (&& (== net452) (< net45)) (&& (== net472) (< net45)) (== netcoreapp3.1)
      System.Runtime.Extensions (>= 4.3) - restriction: || (&& (== net452) (< net45) (>= netstandard1.6)) (&& (== net472) (< net45)) (== netcoreapp3.1)
      System.Threading (>= 4.3) - restriction: || (&& (== net452) (< net45) (>= netstandard1.6)) (&& (== net472) (< net45)) (== netcoreapp3.1)
    System.Net.Http (4.3.4)
      Microsoft.NETCore.Platforms (>= 1.1.1) - restriction: || (&& (== net452) (< net45) (>= netstandard1.3)) (&& (== net452) (< net45) (>= netstandard1.6)) (&& (== net472) (< net45)) (== netcoreapp3.1)
      runtime.native.System (>= 4.3) - restriction: || (&& (== net452) (< net45) (>= netstandard1.6)) (&& (== net472) (< net45)) (== netcoreapp3.1)
      runtime.native.System.Net.Http (>= 4.3) - restriction: || (&& (== net452) (< net45) (>= netstandard1.6)) (&& (== net472) (< net45)) (== netcoreapp3.1)
      runtime.native.System.Security.Cryptography.OpenSsl (>= 4.3.2) - restriction: || (&& (== net452) (< net45) (>= netstandard1.6)) (&& (== net472) (< net45)) (== netcoreapp3.1)
      System.Collections (>= 4.3) - restriction: || (&& (== net452) (< net45) (>= netstandard1.3)) (&& (== net452) (< net45) (>= netstandard1.6)) (&& (== net472) (< net45)) (== netcoreapp3.1)
      System.Diagnostics.Debug (>= 4.3) - restriction: || (&& (== net452) (< net45) (>= netstandard1.3)) (&& (== net452) (< net45) (>= netstandard1.6)) (&& (== net472) (< net45)) (== netcoreapp3.1)
      System.Diagnostics.DiagnosticSource (>= 4.3) - restriction: || (&& (== net452) (< net45) (>= netstandard1.3)) (&& (== net452) (< net45) (>= netstandard1.6)) (&& (== net472) (< net45)) (== netcoreapp3.1)
      System.Diagnostics.Tracing (>= 4.3) - restriction: || (&& (== net452) (< net45) (>= netstandard1.3)) (&& (== net452) (< net45) (>= netstandard1.6)) (&& (== net472) (< net45)) (== netcoreapp3.1)
      System.Globalization (>= 4.3) - restriction: || (&& (== net452) (< net45) (>= netstandard1.3)) (&& (== net452) (< net45) (>= netstandard1.6)) (&& (== net472) (< net45)) (== netcoreapp3.1)
      System.Globalization.Extensions (>= 4.3) - restriction: || (&& (== net452) (< net45) (>= netstandard1.6)) (&& (== net472) (< net45)) (== netcoreapp3.1)
      System.IO (>= 4.3) - restriction: || (&& (== net452) (< net45)) (&& (== net472) (< net45)) (== netcoreapp3.1)
      System.IO.FileSystem (>= 4.3) - restriction: || (&& (== net452) (< net45) (>= netstandard1.6)) (&& (== net472) (< net45)) (== netcoreapp3.1)
      System.Net.Primitives (>= 4.3) - restriction: || (&& (== net452) (< net45)) (&& (== net472) (< net45)) (== netcoreapp3.1)
      System.Resources.ResourceManager (>= 4.3) - restriction: || (&& (== net452) (< net45) (>= netstandard1.3)) (&& (== net452) (< net45) (>= netstandard1.6)) (&& (== net472) (< net45)) (== netcoreapp3.1)
      System.Runtime (>= 4.3) - restriction: || (&& (== net452) (< net45)) (&& (== net472) (< net45)) (== netcoreapp3.1)
      System.Runtime.Extensions (>= 4.3) - restriction: || (&& (== net452) (< net45) (>= netstandard1.3)) (&& (== net452) (< net45) (>= netstandard1.6)) (&& (== net472) (< net45)) (== netcoreapp3.1)
      System.Runtime.Handles (>= 4.3) - restriction: || (&& (== net452) (< net45) (>= netstandard1.3)) (&& (== net452) (< net45) (>= netstandard1.6)) (&& (== net472) (< net45)) (== netcoreapp3.1)
      System.Runtime.InteropServices (>= 4.3) - restriction: || (&& (== net452) (< net45) (>= netstandard1.3)) (&& (== net452) (< net45) (>= netstandard1.6)) (&& (== net472) (< net45)) (== netcoreapp3.1)
      System.Security.Cryptography.Algorithms (>= 4.3) - restriction: || (&& (== net452) (< net45) (>= netstandard1.6)) (&& (== net472) (< net45)) (== netcoreapp3.1)
      System.Security.Cryptography.Encoding (>= 4.3) - restriction: || (&& (== net452) (< net45) (>= netstandard1.3)) (&& (== net452) (< net45) (>= netstandard1.6)) (&& (== net472) (< net45)) (== netcoreapp3.1)
      System.Security.Cryptography.OpenSsl (>= 4.3) - restriction: || (&& (== net452) (< net45) (>= netstandard1.6)) (&& (== net472) (< net45)) (== netcoreapp3.1)
      System.Security.Cryptography.Primitives (>= 4.3) - restriction: || (&& (== net452) (< net45) (>= netstandard1.6)) (&& (== net472) (< net45)) (== netcoreapp3.1)
      System.Security.Cryptography.X509Certificates (>= 4.3) - restriction: || (&& (== net45) (>= net46)) (&& (== net452) (< net45) (>= netstandard1.3)) (&& (== net452) (< net45) (>= netstandard1.6)) (&& (== net452) (>= net46)) (== net472) (== netcoreapp3.1)
      System.Text.Encoding (>= 4.3) - restriction: || (&& (== net452) (< net45)) (&& (== net472) (< net45)) (== netcoreapp3.1)
      System.Threading (>= 4.3) - restriction: || (&& (== net452) (< net45) (>= netstandard1.3)) (&& (== net452) (< net45) (>= netstandard1.6)) (&& (== net472) (< net45)) (== netcoreapp3.1)
      System.Threading.Tasks (>= 4.3) - restriction: || (&& (== net452) (< net45)) (&& (== net472) (< net45)) (== netcoreapp3.1)
    System.Net.Primitives (4.3.1) - restriction: || (&& (== net452) (< net45)) (&& (== net472) (< net45)) (== netcoreapp3.1)
      Microsoft.NETCore.Platforms (>= 1.1.1) - restriction: || (&& (== net45) (< netstandard1.1)) (&& (== net452) (< net45)) (&& (== net452) (< netstandard1.1)) (&& (== net472) (< net45)) (&& (== net472) (< netstandard1.1)) (== netcoreapp3.1)
      Microsoft.NETCore.Targets (>= 1.1.3) - restriction: || (&& (== net45) (< netstandard1.1)) (&& (== net452) (< net45)) (&& (== net452) (< netstandard1.1)) (&& (== net472) (< net45)) (&& (== net472) (< netstandard1.1)) (== netcoreapp3.1)
      System.Runtime (>= 4.3.1) - restriction: || (&& (== net45) (< netstandard1.1)) (&& (== net452) (< net45)) (&& (== net452) (< netstandard1.1)) (&& (== net472) (< net45)) (&& (== net472) (< netstandard1.1)) (== netcoreapp3.1)
      System.Runtime.Handles (>= 4.3) - restriction: || (&& (== net452) (< net45) (>= netstandard1.3)) (&& (== net472) (< net45)) (== netcoreapp3.1)
    System.ObjectModel (4.3) - restriction: || (&& (== net45) (< net40) (>= netstandard1.3)) (&& (== net45) (< net40) (>= netstandard2.0)) (&& (== net452) (< net40) (>= netstandard1.3)) (&& (== net452) (< net40) (>= netstandard2.0)) (&& (== net472) (< net40)) (== netcoreapp3.1)
      System.Collections (>= 4.3) - restriction: || (&& (== net452) (< net45) (>= netstandard1.3)) (&& (== net472) (< net45)) (== netcoreapp3.1)
      System.Diagnostics.Debug (>= 4.3) - restriction: || (&& (== net452) (< net45) (>= netstandard1.3)) (&& (== net472) (< net45)) (== netcoreapp3.1)
      System.Resources.ResourceManager (>= 4.3) - restriction: || (&& (== net452) (< net45) (>= netstandard1.3)) (&& (== net472) (< net45)) (== netcoreapp3.1)
      System.Runtime (>= 4.3) - restriction: || (&& (== net452) (< net45)) (&& (== net472) (< net45)) (== netcoreapp3.1)
      System.Threading (>= 4.3) - restriction: || (&& (== net452) (< net45) (>= netstandard1.3)) (&& (== net472) (< net45)) (== netcoreapp3.1)
    System.Reflection (4.3) - restriction: || (&& (== net45) (< net40) (>= netstandard1.3)) (&& (== net45) (< net40) (>= netstandard2.0)) (&& (== net452) (< net40) (>= netstandard1.3)) (&& (== net452) (< net40) (>= netstandard2.0)) (&& (== net472) (< net40)) (== netcoreapp3.1)
      Microsoft.NETCore.Platforms (>= 1.1) - restriction: || (&& (== net452) (< net45)) (&& (== net472) (< net45)) (== netcoreapp3.1)
      Microsoft.NETCore.Targets (>= 1.1) - restriction: || (&& (== net452) (< net45)) (&& (== net472) (< net45)) (== netcoreapp3.1)
      System.IO (>= 4.3) - restriction: || (&& (== net452) (< net45)) (&& (== net472) (< net45)) (== netcoreapp3.1)
      System.Reflection.Primitives (>= 4.3) - restriction: || (&& (== net452) (< net45)) (&& (== net472) (< net45)) (== netcoreapp3.1)
      System.Runtime (>= 4.3) - restriction: || (&& (== net452) (< net45)) (&& (== net472) (< net45)) (== netcoreapp3.1)
    System.Reflection.Emit (4.7) - restriction: || (&& (== net45) (< net40) (>= netstandard1.3)) (&& (== net45) (< net40) (>= netstandard2.0)) (&& (== net452) (< net40) (>= netstandard1.3)) (&& (== net452) (< net40) (>= netstandard2.0)) (&& (== net472) (< net40)) (== netcoreapp3.1)
    System.Reflection.Emit.ILGeneration (4.7) - restriction: || (&& (== net45) (< net40) (>= netstandard1.3)) (&& (== net45) (< net40) (>= netstandard2.0)) (&& (== net452) (< net40) (>= netstandard1.3)) (&& (== net452) (< net40) (>= netstandard2.0)) (&& (== net472) (< net40)) (== netcoreapp3.1)
    System.Reflection.Emit.Lightweight (4.7) - restriction: || (&& (== net45) (< net40) (>= netstandard1.6)) (&& (== net45) (< net40) (>= netstandard2.0)) (&& (== net452) (< net40) (>= netstandard1.6)) (&& (== net452) (< net40) (>= netstandard2.0)) (&& (== net472) (< net40)) (== netcoreapp3.1)
    System.Reflection.Extensions (4.3) - restriction: || (&& (== net45) (< net40) (>= netstandard1.6)) (&& (== net45) (< net40) (>= netstandard2.0)) (&& (== net452) (< net40) (>= netstandard1.6)) (&& (== net452) (< net40) (>= netstandard2.0)) (&& (== net472) (< net40)) (== netcoreapp3.1)
      Microsoft.NETCore.Platforms (>= 1.1) - restriction: || (&& (== net452) (< net45)) (&& (== net472) (< net45)) (== netcoreapp3.1)
      Microsoft.NETCore.Targets (>= 1.1) - restriction: || (&& (== net452) (< net45)) (&& (== net472) (< net45)) (== netcoreapp3.1)
      System.Reflection (>= 4.3) - restriction: || (&& (== net452) (< net45)) (&& (== net472) (< net45)) (== netcoreapp3.1)
      System.Runtime (>= 4.3) - restriction: || (&& (== net452) (< net45)) (&& (== net472) (< net45)) (== netcoreapp3.1)
    System.Reflection.Primitives (4.3) - restriction: || (&& (== net45) (< net40) (>= netstandard1.3)) (&& (== net45) (< net40) (>= netstandard2.0)) (&& (== net452) (< net40) (>= netstandard1.3)) (&& (== net452) (< net40) (>= netstandard2.0)) (&& (== net472) (< net40)) (== netcoreapp3.1)
      Microsoft.NETCore.Platforms (>= 1.1) - restriction: || (&& (== net452) (< net45)) (&& (== net472) (< net45)) (== netcoreapp3.1)
      Microsoft.NETCore.Targets (>= 1.1) - restriction: || (&& (== net452) (< net45)) (&& (== net472) (< net45)) (== netcoreapp3.1)
      System.Runtime (>= 4.3) - restriction: || (&& (== net452) (< net45)) (&& (== net472) (< net45)) (== netcoreapp3.1)
    System.Reflection.TypeExtensions (4.7) - restriction: || (&& (== net45) (< net40) (>= netstandard1.3)) (&& (== net45) (< net40) (>= netstandard2.0)) (&& (== net452) (< net40) (>= netstandard1.3)) (&& (== net452) (< net40) (>= netstandard2.0)) (&& (== net472) (< net40)) (== netcoreapp3.1)
    System.Resources.ResourceManager (4.3) - restriction: || (&& (== net452) (< net45) (>= netstandard1.3)) (&& (== net452) (< net45) (>= netstandard1.6)) (&& (== net472) (< net45)) (== netcoreapp3.1)
      Microsoft.NETCore.Platforms (>= 1.1) - restriction: || (&& (== net452) (< net45)) (&& (== net472) (< net45)) (== netcoreapp3.1)
      Microsoft.NETCore.Targets (>= 1.1) - restriction: || (&& (== net452) (< net45)) (&& (== net472) (< net45)) (== netcoreapp3.1)
      System.Globalization (>= 4.3) - restriction: || (&& (== net452) (< net45)) (&& (== net472) (< net45)) (== netcoreapp3.1)
      System.Reflection (>= 4.3) - restriction: || (&& (== net452) (< net45)) (&& (== net472) (< net45)) (== netcoreapp3.1)
      System.Runtime (>= 4.3) - restriction: || (&& (== net452) (< net45)) (&& (== net472) (< net45)) (== netcoreapp3.1)
    System.Runtime (4.3.1) - restriction: || (&& (== net452) (< net45)) (&& (== net452) (< netstandard1.1)) (&& (== net472) (< net45)) (&& (== net472) (< netstandard1.1)) (== netcoreapp3.1)
      Microsoft.NETCore.Platforms (>= 1.1.1) - restriction: || (&& (== net452) (< net45)) (&& (== net472) (< net45)) (== netcoreapp3.1)
      Microsoft.NETCore.Targets (>= 1.1.3) - restriction: || (&& (== net452) (< net45)) (&& (== net472) (< net45)) (== netcoreapp3.1)
    System.Runtime.Extensions (4.3.1) - restriction: || (&& (== net452) (< net45) (>= netstandard1.3)) (&& (== net452) (< net45) (>= netstandard1.6)) (&& (== net472) (< net45)) (== netcoreapp3.1)
      Microsoft.NETCore.Platforms (>= 1.1.1) - restriction: || (&& (== net452) (< net45)) (&& (== net472) (< net45)) (== netcoreapp3.1)
      Microsoft.NETCore.Targets (>= 1.1.3) - restriction: || (&& (== net452) (< net45)) (&& (== net472) (< net45)) (== netcoreapp3.1)
      System.Runtime (>= 4.3.1) - restriction: || (&& (== net452) (< net45)) (&& (== net472) (< net45)) (== netcoreapp3.1)
    System.Runtime.Handles (4.3) - restriction: || (&& (== net452) (< net45) (>= netstandard1.3)) (&& (== net452) (< net45) (>= netstandard1.6)) (&& (== net472) (< net45)) (== netcoreapp3.1)
      Microsoft.NETCore.Platforms (>= 1.1) - restriction: || (&& (== net45) (>= netstandard1.3)) (&& (== net452) (>= netstandard1.3)) (&& (== net472) (< net46)) (== netcoreapp3.1)
      Microsoft.NETCore.Targets (>= 1.1) - restriction: || (&& (== net45) (>= netstandard1.3)) (&& (== net452) (>= netstandard1.3)) (&& (== net472) (< net46)) (== netcoreapp3.1)
      System.Runtime (>= 4.3) - restriction: || (&& (== net45) (>= netstandard1.3)) (&& (== net452) (>= netstandard1.3)) (&& (== net472) (< net46)) (== netcoreapp3.1)
    System.Runtime.InteropServices (4.3) - restriction: || (&& (== net452) (< net45) (>= netstandard1.3)) (&& (== net452) (< net45) (>= netstandard1.6)) (&& (== net472) (< net45)) (== netcoreapp3.1)
      Microsoft.NETCore.Platforms (>= 1.1) - restriction: || (&& (== net45) (>= netcoreapp1.1)) (&& (== net452) (< net45)) (&& (== net452) (>= netcoreapp1.1)) (&& (== net472) (< net45)) (&& (== net472) (>= netcoreapp1.1)) (== netcoreapp3.1)
      Microsoft.NETCore.Targets (>= 1.1) - restriction: || (&& (== net45) (>= netcoreapp1.1)) (&& (== net452) (< net45)) (&& (== net452) (>= netcoreapp1.1)) (&& (== net472) (< net45)) (&& (== net472) (>= netcoreapp1.1)) (== netcoreapp3.1)
      System.Reflection (>= 4.3) - restriction: || (&& (== net45) (>= netcoreapp1.1)) (&& (== net452) (< net45)) (&& (== net452) (>= netcoreapp1.1)) (&& (== net472) (< net45)) (&& (== net472) (>= netcoreapp1.1)) (== netcoreapp3.1)
      System.Reflection.Primitives (>= 4.3) - restriction: || (&& (== net45) (>= netcoreapp1.1)) (&& (== net452) (< net45)) (&& (== net452) (>= netcoreapp1.1)) (&& (== net472) (< net45)) (&& (== net472) (>= netcoreapp1.1)) (== netcoreapp3.1)
      System.Runtime (>= 4.3) - restriction: || (&& (== net45) (>= net462)) (&& (== net45) (>= netcoreapp1.1)) (&& (== net452) (< net45)) (&& (== net452) (>= net462)) (&& (== net452) (>= netcoreapp1.1)) (== net472) (== netcoreapp3.1)
      System.Runtime.Handles (>= 4.3) - restriction: || (&& (== net45) (>= netcoreapp1.1)) (&& (== net452) (< net45) (>= netstandard1.3)) (&& (== net452) (< net45) (>= netstandard1.5)) (&& (== net452) (>= netcoreapp1.1)) (&& (== net472) (< net45)) (&& (== net472) (>= netcoreapp1.1)) (== netcoreapp3.1)
    System.Runtime.InteropServices.RuntimeInformation (4.3) - restriction: || (== net45) (&& (== net452) (== net472) (< net45)) (&& (== net452) (== net472) (>= uap10.0)) (&& (== net452) (== net472) (>= wpa81)) (&& (== net452) (== netcoreapp3.1)) (&& (== net472) (< net45) (< netstandard1.2)) (&& (== net472) (< net45) (< netstandard1.3)) (&& (== net472) (< net45) (< netstandard1.4)) (&& (== net472) (< net45) (< netstandard1.5)) (&& (== net472) (< net45) (< netstandard1.6)) (&& (== net472) (< net45) (< netstandard2.0)) (&& (== net472) (< net452) (< netstandard1.3)) (&& (== net472) (< net452) (< netstandard1.4)) (&& (== net472) (< netstandard1.0)) (&& (== net472) (< netstandard1.3) (>= wpa81)) (&& (== net472) (< netstandard1.5) (>= uap10.0)) (&& (== netcoreapp3.1) (< netstandard1.0)) (&& (== netcoreapp3.1) (< netstandard1.2)) (&& (== netcoreapp3.1) (< netstandard1.3)) (&& (== netcoreapp3.1) (< netstandard1.4)) (&& (== netcoreapp3.1) (< netstandard1.5)) (&& (== netcoreapp3.1) (< netstandard1.6)) (&& (== netcoreapp3.1) (< netstandard2.0))
    System.Runtime.Numerics (4.3) - restriction: || (&& (== net452) (< net45) (>= netstandard1.6)) (&& (== net472) (< net45)) (== netcoreapp3.1)
      System.Globalization (>= 4.3) - restriction: || (&& (== net452) (< net45) (>= netstandard1.3)) (&& (== net472) (< net45)) (== netcoreapp3.1)
      System.Resources.ResourceManager (>= 4.3) - restriction: || (&& (== net452) (< net45) (>= netstandard1.3)) (&& (== net472) (< net45)) (== netcoreapp3.1)
      System.Runtime (>= 4.3) - restriction: || (&& (== net452) (< net45)) (&& (== net472) (< net45)) (== netcoreapp3.1)
      System.Runtime.Extensions (>= 4.3) - restriction: || (&& (== net452) (< net45) (>= netstandard1.3)) (&& (== net472) (< net45)) (== netcoreapp3.1)
    System.Security.Cryptography.Algorithms (4.3.1) - restriction: || (&& (== net45) (>= net46)) (&& (== net45) (>= net461)) (&& (== net452) (< net45) (>= netstandard1.3)) (&& (== net452) (< net45) (>= netstandard1.4)) (&& (== net452) (< net45) (>= netstandard1.6)) (&& (== net452) (>= net46)) (&& (== net452) (>= net461)) (== net472) (== netcoreapp3.1)
      Microsoft.NETCore.Platforms (>= 1.1) - restriction: || (&& (== net45) (>= netstandard1.6)) (&& (== net452) (>= netstandard1.6)) (&& (== net472) (< net46)) (== netcoreapp3.1)
      runtime.native.System.Security.Cryptography.Apple (>= 4.3.1) - restriction: || (&& (== net45) (>= netstandard1.6)) (&& (== net452) (>= netstandard1.6)) (&& (== net472) (< net46)) (== netcoreapp3.1)
      runtime.native.System.Security.Cryptography.OpenSsl (>= 4.3.2) - restriction: || (&& (== net45) (>= netstandard1.6)) (&& (== net452) (>= netstandard1.6)) (&& (== net472) (< net46)) (== netcoreapp3.1)
      System.Collections (>= 4.3) - restriction: || (&& (== net45) (>= netstandard1.6)) (&& (== net452) (>= netstandard1.6)) (&& (== net472) (< net46)) (== netcoreapp3.1)
      System.IO (>= 4.3) - restriction: || (&& (== net45) (>= net463)) (&& (== net45) (>= netstandard1.3)) (&& (== net45) (>= netstandard1.4)) (&& (== net45) (>= netstandard1.6)) (&& (== net452) (>= net463)) (&& (== net452) (>= netstandard1.3)) (&& (== net452) (>= netstandard1.4)) (&& (== net452) (>= netstandard1.6)) (== net472) (== netcoreapp3.1)
      System.Resources.ResourceManager (>= 4.3) - restriction: || (&& (== net45) (>= netstandard1.6)) (&& (== net452) (>= netstandard1.6)) (&& (== net472) (< net46)) (== netcoreapp3.1)
      System.Runtime (>= 4.3) - restriction: || (&& (== net45) (>= net463)) (&& (== net45) (>= netstandard1.3)) (&& (== net45) (>= netstandard1.4)) (&& (== net45) (>= netstandard1.6)) (&& (== net452) (>= net463)) (&& (== net452) (>= netstandard1.3)) (&& (== net452) (>= netstandard1.4)) (&& (== net452) (>= netstandard1.6)) (== net472) (== netcoreapp3.1)
      System.Runtime.Extensions (>= 4.3) - restriction: || (&& (== net45) (>= netstandard1.6)) (&& (== net452) (>= netstandard1.6)) (&& (== net472) (< net46)) (== netcoreapp3.1)
      System.Runtime.Handles (>= 4.3) - restriction: || (&& (== net45) (>= netstandard1.6)) (&& (== net452) (>= netstandard1.6)) (&& (== net472) (< net46)) (== netcoreapp3.1)
      System.Runtime.InteropServices (>= 4.3) - restriction: || (&& (== net45) (>= netstandard1.6)) (&& (== net452) (>= netstandard1.6)) (&& (== net472) (< net46)) (== netcoreapp3.1)
      System.Runtime.Numerics (>= 4.3) - restriction: || (&& (== net45) (>= netstandard1.6)) (&& (== net452) (>= netstandard1.6)) (&& (== net472) (< net46)) (== netcoreapp3.1)
      System.Security.Cryptography.Encoding (>= 4.3) - restriction: || (&& (== net45) (>= net463)) (&& (== net45) (>= netstandard1.6)) (&& (== net452) (>= net463)) (&& (== net452) (>= netstandard1.6)) (== net472) (== netcoreapp3.1)
      System.Security.Cryptography.Primitives (>= 4.3) - restriction: || (&& (== net45) (>= net46)) (&& (== net45) (>= net461)) (&& (== net45) (>= net463)) (&& (== net45) (>= netstandard1.3)) (&& (== net45) (>= netstandard1.4)) (&& (== net45) (>= netstandard1.6)) (&& (== net452) (>= net46)) (&& (== net452) (>= net461)) (&& (== net452) (>= net463)) (&& (== net452) (>= netstandard1.3)) (&& (== net452) (>= netstandard1.4)) (&& (== net452) (>= netstandard1.6)) (== net472) (== netcoreapp3.1)
      System.Text.Encoding (>= 4.3) - restriction: || (&& (== net45) (>= netstandard1.6)) (&& (== net452) (>= netstandard1.6)) (&& (== net472) (< net46)) (== netcoreapp3.1)
    System.Security.Cryptography.Cng (4.7) - restriction: || (&& (== net45) (== net472)) (&& (== net45) (>= net46) (>= netstandard1.6)) (&& (== net452) (== net472)) (&& (== net452) (< net45) (>= netstandard1.6)) (&& (== net452) (>= net46) (>= netstandard1.6)) (&& (== net472) (< net46)) (== netcoreapp3.1)
    System.Security.Cryptography.Csp (4.3) - restriction: || (&& (== net45) (== net472)) (&& (== net45) (>= net46) (>= netstandard1.6)) (&& (== net452) (== net472)) (&& (== net452) (< net45) (>= netstandard1.6)) (&& (== net452) (>= net46) (>= netstandard1.6)) (&& (== net472) (< net46)) (== netcoreapp3.1)
      Microsoft.NETCore.Platforms (>= 1.1) - restriction: || (&& (== net45) (>= netstandard1.3)) (&& (== net452) (>= netstandard1.3)) (&& (== net472) (< net46)) (== netcoreapp3.1)
      System.IO (>= 4.3) - restriction: || (&& (== net45) (>= netstandard1.3)) (&& (== net452) (>= netstandard1.3)) (&& (== net472) (< net46)) (== netcoreapp3.1)
      System.Reflection (>= 4.3) - restriction: || (&& (== net45) (>= netstandard1.3)) (&& (== net452) (>= netstandard1.3)) (&& (== net472) (< net46)) (== netcoreapp3.1)
      System.Resources.ResourceManager (>= 4.3) - restriction: || (&& (== net45) (>= netstandard1.3)) (&& (== net452) (>= netstandard1.3)) (&& (== net472) (< net46)) (== netcoreapp3.1)
      System.Runtime (>= 4.3) - restriction: || (&& (== net45) (>= netstandard1.3)) (&& (== net452) (>= netstandard1.3)) (&& (== net472) (< net46)) (== netcoreapp3.1)
      System.Runtime.Extensions (>= 4.3) - restriction: || (&& (== net45) (>= netstandard1.3)) (&& (== net452) (>= netstandard1.3)) (&& (== net472) (< net46)) (== netcoreapp3.1)
      System.Runtime.Handles (>= 4.3) - restriction: || (&& (== net45) (>= netstandard1.3)) (&& (== net452) (>= netstandard1.3)) (&& (== net472) (< net46)) (== netcoreapp3.1)
      System.Runtime.InteropServices (>= 4.3) - restriction: || (&& (== net45) (>= netstandard1.3)) (&& (== net452) (>= netstandard1.3)) (&& (== net472) (< net46)) (== netcoreapp3.1)
      System.Security.Cryptography.Algorithms (>= 4.3) - restriction: || (&& (== net45) (>= net46)) (&& (== net45) (>= netstandard1.3)) (&& (== net452) (>= net46)) (&& (== net452) (>= netstandard1.3)) (== net472) (== netcoreapp3.1)
      System.Security.Cryptography.Encoding (>= 4.3) - restriction: || (&& (== net45) (>= netstandard1.3)) (&& (== net452) (>= netstandard1.3)) (&& (== net472) (< net46)) (== netcoreapp3.1)
      System.Security.Cryptography.Primitives (>= 4.3) - restriction: || (&& (== net45) (>= net46)) (&& (== net45) (>= netstandard1.3)) (&& (== net452) (>= net46)) (&& (== net452) (>= netstandard1.3)) (== net472) (== netcoreapp3.1)
      System.Text.Encoding (>= 4.3) - restriction: || (&& (== net45) (>= netstandard1.3)) (&& (== net452) (>= netstandard1.3)) (&& (== net472) (< net46)) (== netcoreapp3.1)
      System.Threading (>= 4.3) - restriction: || (&& (== net45) (>= netstandard1.3)) (&& (== net452) (>= netstandard1.3)) (&& (== net472) (< net46)) (== netcoreapp3.1)
    System.Security.Cryptography.Encoding (4.3) - restriction: || (&& (== net45) (>= net46)) (&& (== net45) (>= net461)) (&& (== net452) (< net45) (>= netstandard1.3)) (&& (== net452) (< net45) (>= netstandard1.4)) (&& (== net452) (< net45) (>= netstandard1.6)) (&& (== net452) (>= net46)) (&& (== net452) (>= net461)) (== net472) (== netcoreapp3.1)
      Microsoft.NETCore.Platforms (>= 1.1) - restriction: || (&& (== net45) (>= netstandard1.3)) (&& (== net452) (>= netstandard1.3)) (&& (== net472) (< net46)) (== netcoreapp3.1)
      runtime.native.System.Security.Cryptography.OpenSsl (>= 4.3) - restriction: || (&& (== net45) (>= netstandard1.3)) (&& (== net452) (>= netstandard1.3)) (&& (== net472) (< net46)) (== netcoreapp3.1)
      System.Collections (>= 4.3) - restriction: || (&& (== net45) (>= netstandard1.3)) (&& (== net452) (>= netstandard1.3)) (&& (== net472) (< net46)) (== netcoreapp3.1)
      System.Collections.Concurrent (>= 4.3) - restriction: || (&& (== net45) (>= netstandard1.3)) (&& (== net452) (>= netstandard1.3)) (&& (== net472) (< net46)) (== netcoreapp3.1)
      System.Linq (>= 4.3) - restriction: || (&& (== net45) (>= netstandard1.3)) (&& (== net452) (>= netstandard1.3)) (&& (== net472) (< net46)) (== netcoreapp3.1)
      System.Resources.ResourceManager (>= 4.3) - restriction: || (&& (== net45) (>= netstandard1.3)) (&& (== net452) (>= netstandard1.3)) (&& (== net472) (< net46)) (== netcoreapp3.1)
      System.Runtime (>= 4.3) - restriction: || (&& (== net45) (>= netstandard1.3)) (&& (== net452) (>= netstandard1.3)) (&& (== net472) (< net46)) (== netcoreapp3.1)
      System.Runtime.Extensions (>= 4.3) - restriction: || (&& (== net45) (>= netstandard1.3)) (&& (== net452) (>= netstandard1.3)) (&& (== net472) (< net46)) (== netcoreapp3.1)
      System.Runtime.Handles (>= 4.3) - restriction: || (&& (== net45) (>= netstandard1.3)) (&& (== net452) (>= netstandard1.3)) (&& (== net472) (< net46)) (== netcoreapp3.1)
      System.Runtime.InteropServices (>= 4.3) - restriction: || (&& (== net45) (>= netstandard1.3)) (&& (== net452) (>= netstandard1.3)) (&& (== net472) (< net46)) (== netcoreapp3.1)
      System.Security.Cryptography.Primitives (>= 4.3) - restriction: || (&& (== net45) (>= netstandard1.3)) (&& (== net452) (>= netstandard1.3)) (&& (== net472) (< net46)) (== netcoreapp3.1)
      System.Text.Encoding (>= 4.3) - restriction: || (&& (== net45) (>= netstandard1.3)) (&& (== net452) (>= netstandard1.3)) (&& (== net472) (< net46)) (== netcoreapp3.1)
    System.Security.Cryptography.OpenSsl (4.7) - restriction: || (&& (== net452) (< net45) (>= netstandard1.6)) (&& (== net472) (< net45)) (== netcoreapp3.1)
    System.Security.Cryptography.Primitives (4.3) - restriction: || (&& (== net452) (< net45) (>= netstandard1.6)) (&& (== net472) (< net45)) (== netcoreapp3.1)
      System.Diagnostics.Debug (>= 4.3) - restriction: || (&& (== net45) (>= netstandard1.3)) (&& (== net452) (>= netstandard1.3)) (&& (== net472) (< net46)) (== netcoreapp3.1)
      System.Globalization (>= 4.3) - restriction: || (&& (== net45) (>= netstandard1.3)) (&& (== net452) (>= netstandard1.3)) (&& (== net472) (< net46)) (== netcoreapp3.1)
      System.IO (>= 4.3) - restriction: || (&& (== net45) (>= netstandard1.3)) (&& (== net452) (>= netstandard1.3)) (&& (== net472) (< net46)) (== netcoreapp3.1)
      System.Resources.ResourceManager (>= 4.3) - restriction: || (&& (== net45) (>= netstandard1.3)) (&& (== net452) (>= netstandard1.3)) (&& (== net472) (< net46)) (== netcoreapp3.1)
      System.Runtime (>= 4.3) - restriction: || (&& (== net45) (>= netstandard1.3)) (&& (== net452) (>= netstandard1.3)) (&& (== net472) (< net46)) (== netcoreapp3.1)
      System.Threading (>= 4.3) - restriction: || (&& (== net45) (>= netstandard1.3)) (&& (== net452) (>= netstandard1.3)) (&& (== net472) (< net46)) (== netcoreapp3.1)
      System.Threading.Tasks (>= 4.3) - restriction: || (&& (== net45) (>= netstandard1.3)) (&& (== net452) (>= netstandard1.3)) (&& (== net472) (< net46)) (== netcoreapp3.1)
    System.Security.Cryptography.X509Certificates (4.3.2) - restriction: || (&& (== net45) (>= net46)) (&& (== net452) (< net45) (>= netstandard1.3)) (&& (== net452) (< net45) (>= netstandard1.6)) (&& (== net452) (>= net46)) (== net472) (== netcoreapp3.1)
      Microsoft.NETCore.Platforms (>= 1.1) - restriction: || (&& (== net45) (>= netstandard1.6)) (&& (== net452) (>= netstandard1.6)) (&& (== net472) (< net46)) (== netcoreapp3.1)
      runtime.native.System (>= 4.3) - restriction: || (&& (== net45) (>= netstandard1.6)) (&& (== net452) (>= netstandard1.6)) (&& (== net472) (< net46)) (== netcoreapp3.1)
      runtime.native.System.Net.Http (>= 4.3) - restriction: || (&& (== net45) (>= netstandard1.6)) (&& (== net452) (>= netstandard1.6)) (&& (== net472) (< net46)) (== netcoreapp3.1)
      runtime.native.System.Security.Cryptography.OpenSsl (>= 4.3.2) - restriction: || (&& (== net45) (>= netstandard1.6)) (&& (== net452) (>= netstandard1.6)) (&& (== net472) (< net46)) (== netcoreapp3.1)
      System.Collections (>= 4.3) - restriction: || (&& (== net45) (>= netstandard1.6)) (&& (== net452) (>= netstandard1.6)) (&& (== net472) (< net46)) (== netcoreapp3.1)
      System.Diagnostics.Debug (>= 4.3) - restriction: || (&& (== net45) (>= netstandard1.6)) (&& (== net452) (>= netstandard1.6)) (&& (== net472) (< net46)) (== netcoreapp3.1)
      System.Globalization (>= 4.3) - restriction: || (&& (== net45) (>= netstandard1.6)) (&& (== net452) (>= netstandard1.6)) (&& (== net472) (< net46)) (== netcoreapp3.1)
      System.Globalization.Calendars (>= 4.3) - restriction: || (&& (== net45) (>= netstandard1.6)) (&& (== net452) (>= netstandard1.6)) (&& (== net472) (< net46)) (== netcoreapp3.1)
      System.IO (>= 4.3) - restriction: || (&& (== net45) (>= netstandard1.6)) (&& (== net452) (>= netstandard1.6)) (&& (== net472) (< net46)) (== netcoreapp3.1)
      System.IO.FileSystem (>= 4.3) - restriction: || (&& (== net45) (>= netstandard1.6)) (&& (== net452) (>= netstandard1.6)) (&& (== net472) (< net46)) (== netcoreapp3.1)
      System.IO.FileSystem.Primitives (>= 4.3) - restriction: || (&& (== net45) (>= netstandard1.6)) (&& (== net452) (>= netstandard1.6)) (&& (== net472) (< net46)) (== netcoreapp3.1)
      System.Resources.ResourceManager (>= 4.3) - restriction: || (&& (== net45) (>= netstandard1.6)) (&& (== net452) (>= netstandard1.6)) (&& (== net472) (< net46)) (== netcoreapp3.1)
      System.Runtime (>= 4.3) - restriction: || (&& (== net45) (>= netstandard1.3)) (&& (== net45) (>= netstandard1.4)) (&& (== net45) (>= netstandard1.6)) (&& (== net452) (>= netstandard1.3)) (&& (== net452) (>= netstandard1.4)) (&& (== net452) (>= netstandard1.6)) (&& (== net472) (< net46)) (== netcoreapp3.1)
      System.Runtime.Extensions (>= 4.3) - restriction: || (&& (== net45) (>= netstandard1.6)) (&& (== net452) (>= netstandard1.6)) (&& (== net472) (< net46)) (== netcoreapp3.1)
      System.Runtime.Handles (>= 4.3) - restriction: || (&& (== net45) (>= netstandard1.3)) (&& (== net45) (>= netstandard1.4)) (&& (== net45) (>= netstandard1.6)) (&& (== net452) (>= netstandard1.3)) (&& (== net452) (>= netstandard1.4)) (&& (== net452) (>= netstandard1.6)) (&& (== net472) (< net46)) (== netcoreapp3.1)
      System.Runtime.InteropServices (>= 4.3) - restriction: || (&& (== net45) (>= netstandard1.6)) (&& (== net452) (>= netstandard1.6)) (&& (== net472) (< net46)) (== netcoreapp3.1)
      System.Runtime.Numerics (>= 4.3) - restriction: || (&& (== net45) (>= netstandard1.6)) (&& (== net452) (>= netstandard1.6)) (&& (== net472) (< net46)) (== netcoreapp3.1)
      System.Security.Cryptography.Algorithms (>= 4.3) - restriction: || (&& (== net45) (>= net46)) (&& (== net45) (>= net461)) (&& (== net45) (>= netstandard1.3)) (&& (== net45) (>= netstandard1.4)) (&& (== net45) (>= netstandard1.6)) (&& (== net452) (>= net46)) (&& (== net452) (>= net461)) (&& (== net452) (>= netstandard1.3)) (&& (== net452) (>= netstandard1.4)) (&& (== net452) (>= netstandard1.6)) (== net472) (== netcoreapp3.1)
      System.Security.Cryptography.Cng (>= 4.3) - restriction: || (&& (== net45) (>= netstandard1.6)) (&& (== net452) (>= netstandard1.6)) (&& (== net472) (< net46)) (== netcoreapp3.1)
      System.Security.Cryptography.Csp (>= 4.3) - restriction: || (&& (== net45) (>= netstandard1.6)) (&& (== net452) (>= netstandard1.6)) (&& (== net472) (< net46)) (== netcoreapp3.1)
      System.Security.Cryptography.Encoding (>= 4.3) - restriction: || (&& (== net45) (>= net46)) (&& (== net45) (>= net461)) (&& (== net45) (>= netstandard1.3)) (&& (== net45) (>= netstandard1.4)) (&& (== net45) (>= netstandard1.6)) (&& (== net452) (>= net46)) (&& (== net452) (>= net461)) (&& (== net452) (>= netstandard1.3)) (&& (== net452) (>= netstandard1.4)) (&& (== net452) (>= netstandard1.6)) (== net472) (== netcoreapp3.1)
      System.Security.Cryptography.OpenSsl (>= 4.3) - restriction: || (&& (== net45) (>= netstandard1.6)) (&& (== net452) (>= netstandard1.6)) (&& (== net472) (< net46)) (== netcoreapp3.1)
      System.Security.Cryptography.Primitives (>= 4.3) - restriction: || (&& (== net45) (>= netstandard1.6)) (&& (== net452) (>= netstandard1.6)) (&& (== net472) (< net46)) (== netcoreapp3.1)
      System.Text.Encoding (>= 4.3) - restriction: || (&& (== net45) (>= netstandard1.6)) (&& (== net452) (>= netstandard1.6)) (&& (== net472) (< net46)) (== netcoreapp3.1)
      System.Threading (>= 4.3) - restriction: || (&& (== net45) (>= netstandard1.6)) (&& (== net452) (>= netstandard1.6)) (&& (== net472) (< net46)) (== netcoreapp3.1)
    System.Text.Encoding (4.3) - restriction: || (&& (== net452) (< net45)) (&& (== net472) (< net45)) (== netcoreapp3.1)
      Microsoft.NETCore.Platforms (>= 1.1) - restriction: || (&& (== net452) (< net45)) (&& (== net472) (< net45)) (== netcoreapp3.1)
      Microsoft.NETCore.Targets (>= 1.1) - restriction: || (&& (== net452) (< net45)) (&& (== net472) (< net45)) (== netcoreapp3.1)
      System.Runtime (>= 4.3) - restriction: || (&& (== net452) (< net45)) (&& (== net472) (< net45)) (== netcoreapp3.1)
    System.Text.Json (4.7.2) - restriction: || (&& (== net45) (>= netcoreapp3.0)) (&& (== net452) (>= netcoreapp3.0)) (&& (== net472) (>= netcoreapp3.0)) (== netcoreapp3.1)
    System.Threading (4.3) - restriction: || (&& (== net452) (< net45) (>= netstandard1.3)) (&& (== net452) (< net45) (>= netstandard1.6)) (&& (== net472) (< net45)) (== netcoreapp3.1)
      System.Runtime (>= 4.3) - restriction: || (&& (== net452) (< net45)) (&& (== net472) (< net45)) (== netcoreapp3.1)
      System.Threading.Tasks (>= 4.3) - restriction: || (&& (== net452) (< net45)) (&& (== net472) (< net45)) (== netcoreapp3.1)
    System.Threading.Tasks (4.3) - restriction: || (&& (== net452) (< net45)) (&& (== net472) (< net45)) (== netcoreapp3.1)
      Microsoft.NETCore.Platforms (>= 1.1) - restriction: || (&& (== net452) (< net45)) (&& (== net472) (< net45)) (== netcoreapp3.1)
      Microsoft.NETCore.Targets (>= 1.1) - restriction: || (&& (== net452) (< net45)) (&& (== net472) (< net45)) (== netcoreapp3.1)
      System.Runtime (>= 4.3) - restriction: || (&& (== net452) (< net45)) (&& (== net472) (< net45)) (== netcoreapp3.1)
    xunit (2.4.1)
      xunit.analyzers (>= 0.10)
      xunit.assert (2.4.1)
      xunit.core (2.4.1)
    xunit.abstractions (2.0.3)
    xunit.analyzers (0.10)
    xunit.assert (2.4.1)
      NETStandard.Library (>= 1.6.1) - restriction: || (== net45) (&& (== net472) (< net452)) (== netcoreapp3.1)
    xunit.core (2.4.1)
      xunit.extensibility.core (2.4.1)
      xunit.extensibility.execution (2.4.1)
    xunit.extensibility.core (2.4.1)
      NETStandard.Library (>= 1.6.1) - restriction: || (== net45) (&& (== net472) (< net452)) (== netcoreapp3.1)
      xunit.abstractions (>= 2.0.3)
    xunit.extensibility.execution (2.4.1)
      NETStandard.Library (>= 1.6.1) - restriction: || (== net45) (&& (== net472) (< net452)) (== netcoreapp3.1)
      xunit.extensibility.core (2.4.1)
    xunit.runner.visualstudio (2.4.2)
    Xunit.StaFact (1.0.33-beta)
      xunit.extensibility.execution (>= 2.4.1) - restriction: || (&& (== net45) (>= netstandard2.0)) (&& (== net452) (>= netstandard2.0)) (== net472) (== netcoreapp3.1)
GITHUB
  remote: ControlzEx/ControlzEx
    src/ControlzEx/BadgedEx.cs (e641c9e9346d7ae8c21ca1bf7fa5fb1b86496baa)
    src/ControlzEx/PopupEx.cs (e641c9e9346d7ae8c21ca1bf7fa5fb1b86496baa)
  remote: samueldjack/VirtualCollection
    VirtualCollection/VirtualCollection/VirtualizingWrapPanel.cs (e63d891c252c2ac1a3ebb26dddb9a3d89effe3f2)